PATH
  remote: ../r00lz
  specs:
    r00lz (0.1.0)
      json (~> 2.1.0)
      rack (~> 2.0.6)

GEM
  remote: https://rubygems.org/
  specs:
    json (2.1.0)
    rack (2.0.6)

PLATFORMS
  ruby

DEPENDENCIES
  r00lz!

BUNDLED WITH
   1.17.2
