PATH
  remote: ../r00lz
  specs:
    r00lz (0.1.0)
      rack (~> 2.0.6)

GEM
  remote: https://rubygems.org/
  specs:
    rack (2.0.6)

PLATFORMS
  ruby

DEPENDENCIES
  r00lz!

BUNDLED WITH
   1.16.6
